PATH
  remote: .
  specs:
    happy_plastics (0.1.0)
      nokogiri (>= 1.11.0)

GEM
  remote: https://rubygems.org/
  specs:
    coderay (1.1.2)
    method_source (0.8.2)
    mini_portile2 (2.8.1)
    nokogiri (1.14.3)
      mini_portile2 (~> 2.8.0)
      racc (~> 1.4)
    pry (0.10.4)
      coderay (~> 1.1.0)
      method_source (~> 0.8.1)
      slop (~> 3.4)
    racc (1.6.2)
    rake (13.0.1)
    slop (3.6.0)

PLATFORMS
  ruby

DEPENDENCIES
  bundler (~> 2.0)
  happy_plastics!
  pry
  rake (>= 12.3.3)

BUNDLED WITH
   2.0.1
